GIT
  remote: https://github.com/apeckham/liquid
  revision: 6d30226768987f3cfd0737512ed218ec8d29d165
  specs:
    liquid (4.0.0.rc1)

GEM
  remote: https://rubygems.org/
  specs:
    byebug (8.2.1)
    minitest (5.8.4)

PLATFORMS
  ruby

DEPENDENCIES
  byebug
  liquid!
  minitest

BUNDLED WITH
   1.11.2
